PATH
  remote: .
  specs:
    hastur (1.0.3)
      chronic
      multi_json

GEM
  remote: http://rubygems.org/
  specs:
    chronic (0.6.7)
    metaclass (0.0.1)
    mocha (0.10.4)
      metaclass (~> 0.0.1)
    multi_json (1.1.0)
    rake (0.9.2.2)
    simplecov (0.6.1)
      multi_json (~> 1.0)
      simplecov-html (~> 0.5.3)
    simplecov-html (0.5.3)
    yard (0.7.5)

PLATFORMS
  ruby

DEPENDENCIES
  hastur!
  mocha
  rake
  simplecov
  yard
